PATH
  remote: .
  specs:
    identity_plugin (0.2.0)
      cells
      locomotive_plugins (= 1.0.1)
      omniauth
      omniauth-identity

GEM
  remote: https://rubygems.org/
  specs:
    actionpack (3.2.11)
      activemodel (= 3.2.11)
      activesupport (= 3.2.11)
      builder (~> 3.0.0)
      erubis (~> 2.7.0)
      journey (~> 1.0.4)
      rack (~> 1.4.0)
      rack-cache (~> 1.2)
      rack-test (~> 0.6.1)
      sprockets (~> 2.2.1)
    activemodel (3.2.11)
      activesupport (= 3.2.11)
      builder (~> 3.0.0)
    activesupport (3.2.11)
      i18n (~> 0.6)
      multi_json (~> 1.0)
    bcrypt-ruby (3.0.1)
    bson (1.8.6)
    bson_ext (1.8.2)
      bson (~> 1.8.2)
    builder (3.0.4)
    cells (3.9.1)
      actionpack (>= 3.0)
      railties (>= 3.0)
    erubis (2.7.0)
    haml (4.0.5)
      tilt
    hashie (1.2.0)
    hike (1.2.1)
    i18n (0.6.9)
    journey (1.0.4)
    json (1.7.7)
    locomotive_liquid (2.4.2)
    locomotive_plugins (1.0.1)
      bson_ext
      haml (~> 4.0)
      locomotive_liquid (~> 2.4)
      mongoid (~> 3.1.5)
    mongoid (3.1.6)
      activemodel (~> 3.2)
      moped (~> 1.4)
      origin (~> 1.0)
      tzinfo (~> 0.3.29)
    moped (1.5.2)
    multi_json (1.8.4)
    omniauth (1.1.3)
      hashie (~> 1.2)
      rack
    omniauth-identity (1.1.0)
      bcrypt-ruby (~> 3.0)
      omniauth (~> 1.0)
    origin (1.1.0)
    rack (1.4.5)
    rack-cache (1.2)
      rack (>= 0.4)
    rack-ssl (1.3.3)
      rack
    rack-test (0.6.2)
      rack (>= 1.0)
    railties (3.2.11)
      actionpack (= 3.2.11)
      activesupport (= 3.2.11)
      rack-ssl (~> 1.3.2)
      rake (>= 0.8.7)
      rdoc (~> 3.4)
      thor (>= 0.14.6, < 2.0)
    rake (10.0.3)
    rdoc (3.12.1)
      json (~> 1.4)
    sprockets (2.2.2)
      hike (~> 1.2)
      multi_json (~> 1.0)
      rack (~> 1.0)
      tilt (~> 1.1, != 1.3.0)
    thor (0.17.0)
    tilt (1.3.3)
    tzinfo (0.3.38)

PLATFORMS
  ruby

DEPENDENCIES
  identity_plugin!
